PATH
  remote: .
  specs:
    impersonator (0.1.0)
      zeitwerk (~> 2.1.6)

GEM
  remote: https://rubygems.org/
  specs:
    diff-lcs (1.3)
    rake (10.5.0)
    rspec (3.8.0)
      rspec-core (~> 3.8.0)
      rspec-expectations (~> 3.8.0)
      rspec-mocks (~> 3.8.0)
    rspec-core (3.8.0)
      rspec-support (~> 3.8.0)
    rspec-expectations (3.8.3)
      diff-lcs (>= 1.2.0, < 2.0)
      rspec-support (~> 3.8.0)
    rspec-mocks (3.8.0)
      diff-lcs (>= 1.2.0, < 2.0)
      rspec-support (~> 3.8.0)
    rspec-support (3.8.0)
    zeitwerk (2.1.6)

PLATFORMS
  ruby

DEPENDENCIES
  bundler (~> 1.17)
  impersonator!
  rake (~> 10.0)
  rspec (~> 3.0)

BUNDLED WITH
   1.17.2
